GEM
  remote: https://rubygems.org/
  specs:
    bcrypt (3.1.16)
    coderay (1.1.3)
    dotenv (2.7.6)
    method_source (1.0.0)
    pg (1.2.3)
    pry (0.14.1)
      coderay (~> 1.1)
      method_source (~> 1.0)
    rack (2.2.3)
    rake (13.0.6)

PLATFORMS
  x86_64-linux

DEPENDENCIES
  bcrypt
  dotenv
  pg
  pry
  rack
  rake

RUBY VERSION
   ruby 3.0.1p64

BUNDLED WITH
   2.2.15
